GEM
  remote: http://rubygems.org/
  specs:
    addressable (2.3.2)
    childprocess (0.3.1)
      ffi (~> 1.0.6)
    coderay (0.9.8)
    coffee-script (2.2.0)
      coffee-script-source
      execjs
    coffee-script-source (1.2.0)
    diff-lcs (1.1.3)
    ejs (1.0.0)
    execjs (1.2.13)
      multi_json (~> 1.0)
    faker (1.0.1)
      i18n (~> 0.4)
    ffi (1.0.11)
    guard (0.9.2)
      ffi (>= 0.5.0)
      thor (~> 0.14.6)
    guard-jasmine (0.9.13)
      childprocess
      guard (>= 0.8.3)
      multi_json
      thor
    guard-sprockets2 (0.0.6)
      guard
      sprockets (~> 2.0)
    haml (3.1.4)
    hike (1.2.1)
    i18n (0.6.0)
    jasmine (1.3.0)
      jasmine-core (>= 1.3.0)
      rack (~> 1.0)
      rspec (>= 1.3.1)
      selenium-webdriver (>= 0.1.3)
    jasmine-core (1.3.0)
    libwebsocket (0.1.7.1)
      addressable
      websocket
    method_source (0.6.7)
      ruby_parser (>= 2.3.1)
    multi_json (1.0.4)
    pry (0.9.7.4)
      coderay (~> 0.9.8)
      method_source (~> 0.6.7)
      ruby_parser (>= 2.3.1)
      slop (~> 2.1.0)
    rack (1.3.5)
    rack-protection (1.1.4)
      rack
    rake (0.9.2.2)
    rb-fsevent (0.9.1)
    rspec (2.12.0)
      rspec-core (~> 2.12.0)
      rspec-expectations (~> 2.12.0)
      rspec-mocks (~> 2.12.0)
    rspec-core (2.12.0)
    rspec-expectations (2.12.0)
      diff-lcs (~> 1.1.3)
    rspec-mocks (2.12.0)
    ruby_parser (2.3.1)
      sexp_processor (~> 3.0)
    rubyzip (0.9.9)
    sass (3.1.12)
    selenium-webdriver (2.26.0)
      childprocess (>= 0.2.5)
      libwebsocket (~> 0.1.3)
      multi_json (~> 1.0)
      rubyzip
    sexp_processor (3.0.9)
    sinatra (1.3.1)
      rack (~> 1.3, >= 1.3.4)
      rack-protection (~> 1.1, >= 1.1.2)
      tilt (~> 1.3, >= 1.3.3)
    slop (2.1.0)
    sprockets (2.1.2)
      hike (~> 1.2)
      rack (~> 1.0)
      tilt (~> 1.1, != 1.3.0)
    thor (0.14.6)
    tilt (1.3.3)
    uglifier (1.2.0)
      execjs (>= 0.3.0)
      multi_json (>= 1.0.2)
    websocket (1.0.4)

PLATFORMS
  ruby

DEPENDENCIES
  coffee-script (>= 2.2.0)
  ejs
  faker
  guard-jasmine
  guard-sprockets2
  haml
  jasmine
  pry
  rake
  rb-fsevent (>= 0.9.1)
  sass (>= 3.1.10)
  sinatra
  sprockets (>= 2.0.2)
  uglifier (>= 1.0.3)
